GEM
  remote: https://rubygems.org/
  specs:
    actioncable (6.1.7.4)
      actionpack (= 6.1.7.4)
      activesupport (= 6.1.7.4)
      nio4r (~> 2.0)
      websocket-driver (>= 0.6.1)
    actionmailbox (6.1.7.4)
      actionpack (= 6.1.7.4)
      activejob (= 6.1.7.4)
      activerecord (= 6.1.7.4)
      activestorage (= 6.1.7.4)
      activesupport (= 6.1.7.4)
      mail (>= 2.7.1)
    actionmailer (6.1.7.4)
      actionpack (= 6.1.7.4)
      actionview (= 6.1.7.4)
      activejob (= 6.1.7.4)
      activesupport (= 6.1.7.4)
      mail (~> 2.5, >= 2.5.4)
      rails-dom-testing (~> 2.0)
    actionpack (6.1.7.4)
      actionview (= 6.1.7.4)
      activesupport (= 6.1.7.4)
      rack (~> 2.0, >= 2.0.9)
      rack-test (>= 0.6.3)
      rails-dom-testing (~> 2.0)
      rails-html-sanitizer (~> 1.0, >= 1.2.0)
    actionpack-xml_parser (2.0.1)
      actionpack (>= 5.0)
      railties (>= 5.0)
    actiontext (6.1.7.4)
      actionpack (= 6.1.7.4)
      activerecord (= 6.1.7.4)
      activestorage (= 6.1.7.4)
      activesupport (= 6.1.7.4)
      nokogiri (>= 1.8.5)
    actionview (6.1.7.4)
      activesupport (= 6.1.7.4)
      builder (~> 3.1)
      erubi (~> 1.4)
      rails-dom-testing (~> 2.0)
      rails-html-sanitizer (~> 1.1, >= 1.2.0)
    activejob (6.1.7.4)
      activesupport (= 6.1.7.4)
      globalid (>= 0.3.6)
    activemodel (6.1.7.4)
      activesupport (= 6.1.7.4)
    activerecord (6.1.7.4)
      activemodel (= 6.1.7.4)
      activesupport (= 6.1.7.4)
    activestorage (6.1.7.4)
      actionpack (= 6.1.7.4)
      activejob (= 6.1.7.4)
      activerecord (= 6.1.7.4)
      activesupport (= 6.1.7.4)
      marcel (~> 1.0)
      mini_mime (>= 1.1.0)
    activesupport (6.1.7.4)
      concurrent-ruby (~> 1.0, >= 1.0.2)
      i18n (>= 1.6, < 2)
      minitest (>= 5.1)
      tzinfo (~> 2.0)
      zeitwerk (~> 2.3)
    addressable (2.8.5)
      public_suffix (>= 2.0.2, < 6.0)
    airbrussh (1.5.0)
      sshkit (>= 1.6.1, != 1.7.0)
    ast (2.4.2)
    bcrypt_pbkdf (1.1.0)
    builder (3.2.4)
    business_time (0.13.0)
      activesupport (>= 3.2.0)
      tzinfo
    capistrano (3.17.3)
      airbrussh (>= 1.0.0)
      i18n
      rake (>= 10.0.0)
      sshkit (>= 1.9.0)
    capistrano-bundler (2.1.0)
      capistrano (~> 3.1)
    capistrano-db-tasks (0.4)
      capistrano (>= 3.0.0)
    capistrano-rails (1.6.3)
      capistrano (~> 3.1)
      capistrano-bundler (>= 1.1, < 3)
    capistrano-rbenv (2.2.0)
      capistrano (~> 3.1)
      sshkit (~> 1.3)
    capistrano-rvm (0.1.2)
      capistrano (~> 3.0)
      sshkit (~> 1.2)
    capistrano3-puma (1.2.1)
      capistrano (~> 3.0)
      puma (>= 2.6)
    capybara (3.38.0)
      addressable
      matrix
      mini_mime (>= 0.1.3)
      nokogiri (~> 1.8)
      rack (>= 1.6.0)
      rack-test (>= 0.6.3)
      regexp_parser (>= 1.5, < 3.0)
      xpath (~> 3.2)
    childprocess (3.0.0)
    chronic (0.10.2)
    chunky_png (1.4.0)
    commonmarker (0.23.10)
    concurrent-ruby (1.2.2)
    crass (1.0.6)
    css_parser (1.16.0)
      addressable
    csv (3.2.7)
    date (3.3.3)
    deckar01-task_list (2.3.2)
      html-pipeline
    docile (1.4.0)
    ed25519 (1.3.0)
    erubi (1.12.0)
    ffi (1.16.1)
    globalid (1.2.1)
      activesupport (>= 6.1)
    holidays (8.6.0)
    html-pipeline (2.13.2)
      activesupport (>= 2)
      nokogiri (>= 1.4)
    htmlentities (4.3.4)
    httparty (0.21.0)
      mini_mime (>= 1.0.0)
      multi_xml (>= 0.5.2)
    i18n (1.14.1)
      concurrent-ruby (~> 1.0)
    json (2.6.3)
    language_server-protocol (3.17.0.3)
    launchy (2.5.2)
      addressable (~> 2.8)
    letter_opener (1.8.1)
      launchy (>= 2.2, < 3)
    listen (3.8.0)
      rb-fsevent (~> 0.10, >= 0.10.3)
      rb-inotify (~> 0.9, >= 0.9.10)
    loofah (2.21.3)
      crass (~> 1.0.2)
      nokogiri (>= 1.12.0)
    mail (2.8.1)
      mini_mime (>= 0.1.1)
      net-imap
      net-pop
      net-smtp
    mail_xoauth2 (1.0.2)
    marcel (1.0.2)
    matrix (0.4.2)
    method_source (1.0.0)
    mini_magick (4.12.0)
    mini_mime (1.1.5)
    minitest (5.20.0)
    mocha (2.1.0)
      ruby2_keywords (>= 0.0.5)
    multi_xml (0.6.0)
    net-imap (0.3.7)
      date
      net-protocol
    net-ldap (0.17.1)
    net-pop (0.1.2)
      net-protocol
    net-protocol (0.2.1)
      timeout
    net-scp (4.0.0)
      net-ssh (>= 2.6.5, < 8.0.0)
    net-smtp (0.3.3)
      net-protocol
    net-ssh (7.2.0)
    nio4r (2.5.9)
    nokogiri (1.15.4-arm64-darwin)
      racc (~> 1.4)
    nokogiri (1.15.4-x86_64-linux)
      racc (~> 1.4)
    parallel (1.23.0)
    parser (3.2.2.3)
      ast (~> 2.4.1)
      racc
    pg (1.5.4)
    public_suffix (5.0.3)
    puma (6.4.0)
      nio4r (~> 2.0)
    racc (1.7.1)
    rack (2.2.8)
    rack-test (2.1.0)
      rack (>= 1.3)
    rails (6.1.7.4)
      actioncable (= 6.1.7.4)
      actionmailbox (= 6.1.7.4)
      actionmailer (= 6.1.7.4)
      actionpack (= 6.1.7.4)
      actiontext (= 6.1.7.4)
      actionview (= 6.1.7.4)
      activejob (= 6.1.7.4)
      activemodel (= 6.1.7.4)
      activerecord (= 6.1.7.4)
      activestorage (= 6.1.7.4)
      activesupport (= 6.1.7.4)
      bundler (>= 1.15.0)
      railties (= 6.1.7.4)
      sprockets-rails (>= 2.0.0)
    rails-dom-testing (2.2.0)
      activesupport (>= 5.0.0)
      minitest
      nokogiri (>= 1.6)
    rails-html-sanitizer (1.6.0)
      loofah (~> 2.21)
      nokogiri (~> 1.14)
    railties (6.1.7.4)
      actionpack (= 6.1.7.4)
      activesupport (= 6.1.7.4)
      method_source
      rake (>= 12.2)
      thor (~> 1.0)
    rainbow (3.1.1)
    rake (13.0.6)
    rb-fsevent (0.11.2)
    rb-inotify (0.10.1)
      ffi (~> 1.0)
    rbpdf (1.21.3)
      htmlentities
      rbpdf-font (~> 1.19.0)
    rbpdf-font (1.19.1)
    redcarpet (3.6.0)
    regexp_parser (2.8.1)
    request_store (1.5.1)
      rack (>= 1.4)
    rexml (3.2.6)
    roadie (5.2.0)
      css_parser (~> 1.4)
      nokogiri (~> 1.15)
    roadie-rails (3.0.0)
      railties (>= 5.1, < 7.1)
      roadie (~> 5.0)
    rotp (6.3.0)
    rouge (4.1.3)
    rqrcode (2.2.0)
      chunky_png (~> 1.0)
      rqrcode_core (~> 1.0)
    rqrcode_core (1.2.0)
    rubocop (1.54.2)
      json (~> 2.3)
      language_server-protocol (>= 3.17.0)
      parallel (~> 1.10)
      parser (>= 3.2.2.3)
      rainbow (>= 2.2.2, < 4.0)
      regexp_parser (>= 1.8, < 3.0)
      rexml (>= 3.2.5, < 4.0)
      rubocop-ast (>= 1.28.0, < 2.0)
      ruby-progressbar (~> 1.7)
      unicode-display_width (>= 2.4.0, < 3.0)
    rubocop-ast (1.29.0)
      parser (>= 3.2.1.0)
    rubocop-performance (1.18.0)
      rubocop (>= 1.7.0, < 2.0)
      rubocop-ast (>= 0.4.0)
    rubocop-rails (2.20.2)
      activesupport (>= 4.2.0)
      rack (>= 1.1)
      rubocop (>= 1.33.0, < 2.0)
    ruby-progressbar (1.13.0)
    ruby2_keywords (0.0.5)
    rubyzip (2.3.2)
    sanitize (6.1.0)
      crass (~> 1.0.2)
      nokogiri (>= 1.12.0)
    selenium-webdriver (3.142.7)
      childprocess (>= 0.5, < 4.0)
      rubyzip (>= 1.2.2)
    sentry-rails (5.11.0)
      railties (>= 5.0)
      sentry-ruby (~> 5.11.0)
    sentry-ruby (5.11.0)
      concurrent-ruby (~> 1.0, >= 1.0.2)
    simple_form (5.2.0)
      actionpack (>= 5.2)
      activemodel (>= 5.2)
    simplecov (0.22.0)
      docile (~> 1.1)
      simplecov-html (~> 0.11)
      simplecov_json_formatter (~> 0.1)
    simplecov-html (0.12.3)
    simplecov_json_formatter (0.1.4)
    sprockets (4.2.1)
      concurrent-ruby (~> 1.0)
      rack (>= 2.2.4, < 4)
    sprockets-rails (3.4.2)
      actionpack (>= 5.2)
      activesupport (>= 5.2)
      sprockets (>= 3.0.0)
    sshkit (1.21.5)
      net-scp (>= 1.1.2)
      net-ssh (>= 2.8.0)
    thor (1.2.2)
    timeout (0.4.0)
    tzinfo (2.0.6)
      concurrent-ruby (~> 1.0)
    unicode-display_width (2.4.2)
    webdrivers (4.6.1)
      nokogiri (~> 1.6)
      rubyzip (>= 1.3.0)
      selenium-webdriver (>= 3.0, < 4.0)
    websocket-driver (0.7.6)
      websocket-extensions (>= 0.1.0)
    websocket-extensions (0.1.5)
    whenever (1.0.0)
      chronic (>= 0.6.3)
    xpath (3.2.0)
      nokogiri (~> 1.8)
    yard (0.9.34)
    zeitwerk (2.6.11)

PLATFORMS
  arm64-darwin-21
  x86_64-linux

DEPENDENCIES
  actionpack-xml_parser
  addressable
  bcrypt_pbkdf
  business_time
  capistrano
  capistrano-db-tasks (= 0.4)
  capistrano-rails
  capistrano-rbenv
  capistrano-rvm
  capistrano3-puma
  capybara (~> 3.38.0)
  commonmarker (~> 0.23.8)
  csv (~> 3.2.6)
  deckar01-task_list (= 2.3.2)
  ed25519
  ffi
  holidays
  html-pipeline (~> 2.13.2)
  httparty
  i18n (~> 1.14.1)
  letter_opener
  listen (~> 3.3)
  mail (~> 2.8.1)
  mail_xoauth2
  marcel
  mini_magick (~> 4.12.0)
  mini_mime (~> 1.1.0)
  mocha (>= 1.4.0)
  net-imap (~> 0.3.4)
  net-ldap (~> 0.17.0)
  net-pop (~> 0.1.2)
  net-smtp (~> 0.3.3)
  nokogiri (~> 1.15.2)
  pg (~> 1.5.3)
  puma
  rails (= 6.1.7.4)
  rails-dom-testing
  rbpdf (~> 1.21.1)
  redcarpet (~> 3.6.0)
  request_store (~> 1.5.0)
  rexml
  roadie-rails (~> 3.0.0)
  rotp (>= 5.0.0)
  rouge (~> 4.1.0)
  rqrcode
  rubocop (~> 1.54.0)
  rubocop-performance (~> 1.18.0)
  rubocop-rails (~> 2.20.2)
  rubyzip (~> 2.3.0)
  sanitize (~> 6.0)
  selenium-webdriver (~> 3.142.7)
  sentry-rails
  sentry-ruby
  simple_form
  simplecov (~> 0.22.0)
  tzinfo-data
  webdrivers (= 4.6.1)
  whenever
  yard

RUBY VERSION
   ruby 3.1.3p185

BUNDLED WITH
   2.4.18
